GIT
  remote: https://github.com/barmintor/free-image-ruby.git
  revision: 6761773da5614161c0c22bd0b0e250a5f6897bfc
  specs:
    free-image (0.6.2)
      ffi (>= 1.0.10)

GIT
  remote: https://github.com/ruby-rdf/rdf-rdfxml.git
  revision: 78c13fe5dbcecaf1f56abe9535d00f16c670a764
  ref: 78c13fe5dbcecaf1f56abe9535d00f16c670a764
  specs:
    rdf-rdfxml (1.1.3)
      htmlentities (~> 4.3)
      rdf (~> 1.1, >= 1.1.6)
      rdf-rdfa (~> 1.1, >= 1.1.4.1)
      rdf-xsd (~> 1.1)

GEM
  remote: https://rubygems.org/
  specs:
    actionmailer (4.2.1)
      actionpack (= 4.2.1)
      actionview (= 4.2.1)
      activejob (= 4.2.1)
      mail (~> 2.5, >= 2.5.4)
      rails-dom-testing (~> 1.0, >= 1.0.5)
    actionpack (4.2.1)
      actionview (= 4.2.1)
      activesupport (= 4.2.1)
      rack (~> 1.6)
      rack-test (~> 0.6.2)
      rails-dom-testing (~> 1.0, >= 1.0.5)
      rails-html-sanitizer (~> 1.0, >= 1.0.1)
    actionview (4.2.1)
      activesupport (= 4.2.1)
      builder (~> 3.1)
      erubis (~> 2.7.0)
      rails-dom-testing (~> 1.0, >= 1.0.5)
      rails-html-sanitizer (~> 1.0, >= 1.0.1)
    active-fedora (7.1.2)
      active-triples (~> 0.2.2)
      activesupport (>= 3.0.0)
      deprecation
      nom-xml (>= 0.5.1)
      om (~> 3.1)
      rdf-rdfxml (~> 1.1.0)
      rsolr (~> 1.0.10)
      rubydora (~> 1.8)
    active-triples (0.2.3)
      activemodel (>= 3.0.0)
      activesupport (>= 3.0.0)
      deprecation (~> 0.1)
      linkeddata (~> 1.1)
      rdf (~> 1.1)
    active_fedora_finders (0.5.0)
      active-fedora (>= 7.0.0)
      activerecord
      nokogiri
    active_fedora_relsint (0.4.1)
      active-fedora (~> 7.0)
      activesupport (>= 3.2.0, < 5.0)
    activejob (4.2.1)
      activesupport (= 4.2.1)
      globalid (>= 0.3.0)
    activemodel (4.2.1)
      activesupport (= 4.2.1)
      builder (~> 3.1)
    activerecord (4.2.1)
      activemodel (= 4.2.1)
      activesupport (= 4.2.1)
      arel (~> 6.0)
    activesupport (4.2.1)
      i18n (~> 0.7)
      json (~> 1.7, >= 1.7.7)
      minitest (~> 5.1)
      thread_safe (~> 0.3, >= 0.3.4)
      tzinfo (~> 1.1)
    arel (6.0.3)
    ast (2.2.0)
    autoprefixer-rails (6.0.1)
      execjs
      json
    blacklight (5.14.0)
      bootstrap-sass (~> 3.2)
      deprecation
      kaminari (>= 0.15)
      nokogiri (~> 1.6)
      rails (>= 3.2.6, < 5)
      rsolr (~> 1.0.11)
    block_helpers (0.3.3)
      activesupport (>= 2.0)
    bootstrap-sass (3.3.5)
      autoprefixer-rails (>= 5.0.0.1)
      sass (>= 3.2.19)
    builder (3.2.2)
    cancancan (1.12.0)
    childprocess (0.5.6)
      ffi (~> 1.0, >= 1.0.11)
    coffee-rails (4.0.1)
      coffee-script (>= 2.2.0)
      railties (>= 4.0.0, < 5.0)
    coffee-script (2.4.1)
      coffee-script-source
      execjs
    coffee-script-source (1.9.1.1)
    concurrent-ruby (1.1.10)
    cul_hydra (1.2.1)
      active-fedora (~> 7.0)
      active-triples (~> 0.2.2)
      active_fedora_finders (>= 0.5.0)
      active_fedora_relsint (~> 0.4)
      blacklight
      cul_image_props
      httpclient
      hydra-head (~> 7)
      mods
      rdf (>= 1.1.5)
      sparql (= 1.1.4)
      thread
    cul_image_props (0.3.5)
      nokogiri
    daemons (1.2.3)
    deprecation (0.2.2)
      activesupport
    diff-lcs (1.2.5)
    domain_name (0.5.24)
      unf (>= 0.0.5, < 1.0.0)
    ebnf (0.3.9)
      rdf (~> 1.1)
      sxp (~> 0.1, >= 0.1.3)
    equivalent-xml (0.6.0)
      nokogiri (>= 1.4.3)
    erubis (2.7.0)
    execjs (2.6.0)
    fastercsv (1.5.5)
    ffi (1.9.10)
    foreigner (1.7.4)
      activerecord (>= 3.0.0)
    globalid (0.3.6)
      activesupport (>= 4.1.0)
    haml (4.0.7)
      tilt
    hike (1.2.3)
    hooks (0.3.6)
      uber (~> 0.0.4)
    htmlentities (4.3.4)
    http-cookie (1.0.2)
      domain_name (~> 0.5)
    httpclient (2.6.0.1)
    hydra-access-controls (7.2.2)
      active-fedora (~> 7.0)
      activesupport
      blacklight (~> 5.3)
      cancancan
      deprecation
      om (~> 3.0, >= 3.0.7)
      sass-rails
    hydra-core (7.2.2)
      block_helpers
      hydra-access-controls (= 7.2.2)
      jettywrapper (>= 1.4.1)
      rails (>= 3.2.3, < 5)
    hydra-head (7.2.2)
      hydra-access-controls (= 7.2.2)
      hydra-core (= 7.2.2)
      rails (>= 3.2.6)
    i18n (0.9.5)
      concurrent-ruby (~> 1.0)
    imogen (0.1.7)
      ruby-opencv
    iso-639 (0.2.5)
    jettywrapper (2.0.3)
      activesupport (>= 3.0.0)
      childprocess
      i18n
      logger
      rubyzip
    jquery-rails (4.0.5)
      rails-dom-testing (~> 1.0)
      railties (>= 4.2.0)
      thor (>= 0.14, < 2.0)
    json (1.8.3)
    json-ld (1.1.9)
      rdf (~> 1.1, >= 1.1.7)
    kaminari (0.16.3)
      actionpack (>= 3.0.0)
      activesupport (>= 3.0.0)
    libv8 (3.16.14.11)
    link_header (0.0.8)
    linkeddata (1.1.2)
      equivalent-xml (~> 0.4)
      json-ld (~> 1.1, >= 1.1.7)
      nokogiri (~> 1.6)
      rdf (~> 1.1, >= 1.1.7)
      rdf-aggregate-repo (~> 1.1)
      rdf-isomorphic (~> 1.1)
      rdf-json (~> 1.1)
      rdf-microdata (~> 2.0)
      rdf-n3 (~> 1.1)
      rdf-rdfa (~> 1.1, >= 1.1.5)
      rdf-rdfxml (~> 1.1, >= 1.1.3)
      rdf-reasoner (~> 0.2, >= 0.2.1)
      rdf-trig (~> 1.1, >= 1.1.3)
      rdf-trix (~> 1.1)
      rdf-turtle (~> 1.1, >= 1.1.5)
      sparql (~> 1.1, >= 1.1.4)
      sparql-client (~> 1.1, >= 1.1.3)
    logger (1.5.1)
    loofah (2.0.3)
      nokogiri (>= 1.5.9)
    mail (2.6.3)
      mime-types (>= 1.16, < 3)
    mime-types (2.6.1)
    mini_portile2 (2.0.0)
    minitest (5.9.0)
    mods (2.0.3)
      iso-639
      nokogiri
      nom-xml (~> 0.5.2)
    multi_json (1.11.2)
    net-http-persistent (2.9.4)
    netrc (0.10.3)
    nokogiri (1.6.7.2)
      mini_portile2 (~> 2.0.0.rc2)
    nom-xml (0.5.3)
      activesupport (>= 3.2.18)
      i18n
      nokogiri
    om (3.1.0)
      activemodel
      activesupport
      nokogiri (>= 1.4.2)
      solrizer (~> 3.3)
    parser (2.3.0.7)
      ast (~> 2.2)
    powerpack (0.1.1)
    rack (1.6.4)
    rack-test (0.6.3)
      rack (>= 1.0)
    rails (4.2.1)
      actionmailer (= 4.2.1)
      actionpack (= 4.2.1)
      actionview (= 4.2.1)
      activejob (= 4.2.1)
      activemodel (= 4.2.1)
      activerecord (= 4.2.1)
      activesupport (= 4.2.1)
      bundler (>= 1.3.0, < 2.0)
      railties (= 4.2.1)
      sprockets-rails
    rails-deprecated_sanitizer (1.0.3)
      activesupport (>= 4.2.0.alpha)
    rails-dom-testing (1.0.7)
      activesupport (>= 4.2.0.beta, < 5.0)
      nokogiri (~> 1.6.0)
      rails-deprecated_sanitizer (>= 1.0.1)
    rails-html-sanitizer (1.0.3)
      loofah (~> 2.0)
    railties (4.2.1)
      actionpack (= 4.2.1)
      activesupport (= 4.2.1)
      rake (>= 0.8.7)
      thor (>= 0.18.1, < 2.0)
    rainbow (2.1.0)
    rake (11.1.2)
    rdf (1.1.15)
      link_header (~> 0.0, >= 0.0.8)
    rdf-aggregate-repo (1.1.0)
      rdf (>= 1.1)
    rdf-isomorphic (1.1.0)
      rdf (>= 1.1)
    rdf-json (1.1.2)
      rdf (~> 1.1)
    rdf-microdata (2.0.1)
      htmlentities (~> 4.3)
      nokogiri (~> 1.6)
      rdf (~> 1.1)
      rdf-xsd (~> 1.1)
    rdf-n3 (1.1.3)
      rdf (~> 1.1, >= 1.1.5)
    rdf-rdfa (1.1.6)
      haml (~> 4.0)
      htmlentities (~> 4.3)
      rdf (~> 1.1, >= 1.1.6)
      rdf-aggregate-repo (~> 1.1)
      rdf-xsd (~> 1.1)
    rdf-reasoner (0.2.2)
      rdf (~> 1.1, >= 1.1.4.2)
      rdf-turtle (~> 1.1)
      rdf-vocab (~> 0.8)
      rdf-xsd (~> 1.1)
    rdf-trig (1.1.4)
      ebnf (~> 0.3, >= 0.3.7)
      rdf (~> 1.1, >= 1.1.11)
      rdf-turtle (~> 1.1, >= 1.1.6)
    rdf-trix (1.1.0)
      rdf (>= 1.1)
    rdf-turtle (1.1.7)
      ebnf (~> 0.3, >= 0.3.6)
      rdf (~> 1.1, >= 1.1.10)
    rdf-vocab (0.8.4)
      rdf (~> 1.1, >= 1.1.10)
    rdf-xsd (1.1.4)
      rdf (~> 1.1, >= 1.1.9)
    ref (2.0.0)
    rest-client (1.8.0)
      http-cookie (>= 1.0.2, < 2.0)
      mime-types (>= 1.16, < 3.0)
      netrc (~> 0.7)
    rsolr (1.0.12)
      builder (>= 2.1.2)
    rspec (3.4.0)
      rspec-core (~> 3.4.0)
      rspec-expectations (~> 3.4.0)
      rspec-mocks (~> 3.4.0)
    rspec-core (3.4.4)
      rspec-support (~> 3.4.0)
    rspec-expectations (3.4.0)
      diff-lcs (>= 1.2.0, < 2.0)
      rspec-support (~> 3.4.0)
    rspec-mocks (3.4.1)
      diff-lcs (>= 1.2.0, < 2.0)
      rspec-support (~> 3.4.0)
    rspec-rails (3.4.2)
      actionpack (>= 3.0, < 4.3)
      activesupport (>= 3.0, < 4.3)
      railties (>= 3.0, < 4.3)
      rspec-core (~> 3.4.0)
      rspec-expectations (~> 3.4.0)
      rspec-mocks (~> 3.4.0)
      rspec-support (~> 3.4.0)
    rspec-support (3.4.1)
    rubocop (0.39.0)
      parser (>= 2.3.0.7, < 3.0)
      powerpack (~> 0.1)
      rainbow (>= 1.99.1, < 3.0)
      ruby-progressbar (~> 1.7)
      unicode-display_width (~> 1.0, >= 1.0.1)
    rubocop-rspec (1.4.1)
      rubocop (= 0.39.0)
    ruby-opencv (0.0.14)
    ruby-progressbar (1.8.0)
    rubydora (1.8.1)
      activemodel
      activesupport
      deprecation
      equivalent-xml
      fastercsv
      hooks (~> 0.3.0)
      mime-types
      nokogiri
      rest-client
    rubyzip (1.1.7)
    sass (3.2.19)
    sass-rails (4.0.5)
      railties (>= 4.0.0, < 5.0)
      sass (~> 3.2.2)
      sprockets (~> 2.8, < 3.0)
      sprockets-rails (~> 2.0)
    solrizer (3.3.0)
      activesupport
      daemons
      nokogiri
      stomp
      xml-simple
    sparql (1.1.4)
      builder (~> 3.0)
      ebnf (~> 0.3, >= 0.3.5)
      rdf (~> 1.1, >= 1.1.4)
      rdf-aggregate-repo (~> 1.1, >= 1.1.0)
      rdf-xsd (~> 1.1)
      sparql-client (~> 1.1)
      sxp (~> 0.1)
    sparql-client (1.1.6)
      net-http-persistent (~> 2.9)
      rdf (~> 1.1)
    sprockets (2.12.4)
      hike (~> 1.2)
      multi_json (~> 1.0)
      rack (~> 1.0)
      tilt (~> 1.1, != 1.3.0)
    sprockets-rails (2.3.2)
      actionpack (>= 3.0)
      activesupport (>= 3.0)
      sprockets (>= 2.8, < 4.0)
    sqlite3 (1.3.10)
    stomp (1.3.4)
    sxp (0.1.5)
    therubyracer (0.12.0)
      libv8 (~> 3.16.14.0)
      ref
    thor (0.19.1)
    thread (0.2.2)
    thread_safe (0.3.5)
    tilt (1.4.1)
    tzinfo (1.2.2)
      thread_safe (~> 0.1)
    uber (0.0.15)
    uglifier (2.7.2)
      execjs (>= 0.3.0)
      json (>= 1.8.0)
    unf (0.1.4)
      unf_ext
    unf_ext (0.0.7.1)
    unicode-display_width (1.0.3)
    xml-simple (1.1.5)

PLATFORMS
  ruby

DEPENDENCIES
  active-fedora (~> 7.0)
  active_fedora_finders
  active_fedora_relsint (~> 0.4.1)
  coffee-rails (~> 4.0.0)
  cul_hydra (~> 1.2.1)
  foreigner
  free-image!
  imogen (>= 0.1.2)
  jquery-rails
  libv8 (~> 3.16)
  mime-types
  rails (= 4.2.1)
  rdf-rdfxml!
  rspec (~> 3.4)
  rspec-rails
  rubocop
  rubocop-rspec
  sass-rails (~> 4.0.2)
  sqlite3
  therubyracer (= 0.12.0)
  thread
  uglifier (>= 1.0.3)

BUNDLED WITH
   1.10.6
